GIT
  remote: git@github.com:comicrelief/craft-drush.git
  revision: 036eb182118a81a99caa70c00f94f193787427fb
  specs:
    craft-drush (0.0.7)
      aws-sdk (~> 2)
      gli (= 2.13.2)

GEM
  remote: https://rubygems.org/
  specs:
    activesupport (4.2.6)
      i18n (~> 0.7)
      json (~> 1.7, >= 1.7.7)
      minitest (~> 5.1)
      thread_safe (~> 0.3, >= 0.3.4)
      tzinfo (~> 1.1)
    addressable (2.4.0)
    aws-sdk (2.5.7)
      aws-sdk-resources (= 2.5.7)
    aws-sdk-core (2.5.7)
      jmespath (~> 1.0)
    aws-sdk-resources (2.5.7)
      aws-sdk-core (= 2.5.7)
    chunky_png (1.3.6)
    css_parser (1.4.5)
      addressable
    ffi (1.9.14)
    gli (2.13.2)
    i18n (0.7.0)
    jmespath (1.3.1)
    json (1.8.3)
    minitest (5.9.0)
    oily_png (1.2.0)
      chunky_png (~> 1.3.1)
    rb-fchange (0.0.6)
      ffi
    rb-fsevent (0.9.7)
    rb-inotify (0.9.7)
      ffi (>= 0.5.0)
    thread_safe (0.3.5)
    tzinfo (1.2.2)
      thread_safe (~> 0.1)

PLATFORMS
  ruby

DEPENDENCIES
  activesupport (= 4.2.6)
  chunky_png (= 1.3.6)
  craft-drush (= 0.0.7)!
  css_parser
  oily_png
  rb-fchange
  rb-fsevent
  rb-inotify (~> 0.9)

BUNDLED WITH
   1.12.5
